GIT
  remote: git://github.com/cacheventures/env_helper.git
  revision: 123bc2a88bc71d5f5d0e1634d4fb64ffece96322
  specs:
    env_helper (1.0.2)

PATH
  remote: .
  specs:
    fabric (0.1.1)
      enumerize
      mongoid
      sidekiq
      stripe
      stripe_event

GEM
  remote: https://rubygems.org/
  specs:
    activemodel (5.1.1)
      activesupport (= 5.1.1)
    activesupport (5.1.1)
      concurrent-ruby (~> 1.0, >= 1.0.2)
      i18n (~> 0.7)
      minitest (~> 5.1)
      tzinfo (~> 1.1)
    awesome_print (1.7.0)
    bson (4.2.1)
    coderay (1.1.1)
    concurrent-ruby (1.0.5)
    connection_pool (2.2.1)
    enumerize (2.1.2)
      activesupport (>= 3.2)
    faraday (0.12.1)
      multipart-post (>= 1.2, < 3)
    i18n (0.8.4)
    method_source (0.8.2)
    minitest (5.10.2)
    mongo (2.4.2)
      bson (>= 4.2.1, < 5.0.0)
    mongoid (6.1.0)
      activemodel (~> 5.0)
      mongo (>= 2.4.1, < 3.0.0)
    multipart-post (2.0.0)
    pry (0.10.4)
      coderay (~> 1.1.0)
      method_source (~> 0.8.1)
      slop (~> 3.4)
    rack (2.0.3)
    rack-protection (2.0.0)
      rack
    rake (10.5.0)
    redis (3.3.3)
    sidekiq (5.0.0)
      concurrent-ruby (~> 1.0)
      connection_pool (~> 2.2, >= 2.2.0)
      rack-protection (>= 1.5.0)
      redis (~> 3.3, >= 3.3.3)
    slop (3.6.0)
    stripe (2.11.0)
      faraday (~> 0.9)
    stripe_event (1.6.0)
      activesupport (>= 3.1)
      stripe (>= 1.6, < 3.0)
    thread_safe (0.3.6)
    tzinfo (1.2.3)
      thread_safe (~> 0.1)

PLATFORMS
  ruby

DEPENDENCIES
  awesome_print
  bundler (~> 1.14)
  env_helper!
  fabric!
  minitest
  pry
  rake (~> 10.0)

BUNDLED WITH
   1.14.6
